GEM
  remote: https://rubygems.org/
  specs:
    beefcake (0.3.7)
    builder (3.1.0)
    coderay (1.0.7)
    i18n (0.6.1)
    method_source (0.8)
    multi_json (1.3.6)
    pry (0.9.10)
      coderay (~> 1.0.5)
      method_source (~> 0.8)
      slop (~> 3.3.1)
    pry-doc (0.4.4)
      pry (>= 0.9.9.6)
      yard (~> 0.8.1)
    rb-readline (0.4.2)
    riak-client (1.0.4)
      beefcake (~> 0.3.7)
      builder (>= 2.1.2)
      i18n (>= 0.4.0)
      multi_json (~> 1.0)
    slop (3.3.3)
    thor (0.16.0)
    yard (0.8.2.1)

PLATFORMS
  ruby

DEPENDENCIES
  pry
  pry-doc
  rb-readline
  riak-client
  thor
